GEM
  remote: https://rubygems.org/
  specs:
    as-notifications (1.0.1)
    diff-lcs (1.2.5)
    i18n (0.6.11)
    multi_json (1.10.1)
    rack (1.5.2)
    rspec (2.14.1)
      rspec-core (~> 2.14.0)
      rspec-expectations (~> 2.14.0)
      rspec-mocks (~> 2.14.0)
    rspec-core (2.14.8)
    rspec-expectations (2.14.4)
      diff-lcs (>= 1.1.3, < 2.0)
    rspec-mocks (2.14.4)
    shotgun (0.9)
      rack (>= 1.0)
    webmachine (1.2.2)
      as-notifications (~> 1.0)
      i18n (>= 0.4.0)
      multi_json
    webmachine-test (0.3.0)
      webmachine

PLATFORMS
  ruby

DEPENDENCIES
  rack
  rspec
  shotgun
  webmachine
  webmachine-test
